GEM
  remote: https://rubygems.org/
  specs:
    base64 (0.2.0)
    digicus_web_backend (0.1.4)
    digicus_web_frontend (0.1.3)
    dtr_core (0.12.4)
    dtr_to_rust (0.14.9)
    mustermann (3.0.0)
      ruby2_keywords (~> 0.0.1)
    rack (3.1.6)
    rack-protection (4.0.0)
      base64 (>= 0.1.0)
      rack (>= 3.0.0, < 4)
    rack-session (2.0.0)
      rack (>= 3.0.0)
    rackup (2.1.0)
      rack (>= 3)
      webrick (~> 1.8)
    ruby2_keywords (0.0.5)
    sinatra (4.0.0)
      mustermann (~> 3.0)
      rack (>= 3.0.0, < 4)
      rack-protection (= 4.0.0)
      rack-session (>= 2.0.0, < 3)
      tilt (~> 2.0)
    sinatra-cross_origin (0.4.0)
    tilt (2.4.0)
    webrick (1.8.1)

PLATFORMS
  arm64-darwin-22
  ruby

DEPENDENCIES
  digicus_web_backend (= 0.1.4)
  digicus_web_frontend (= 0.1.3)
  dtr_core (= 0.12.4)
  dtr_to_rust (= 0.14.9)
  rackup (~> 2.1)
  sinatra (~> 4.0)
  sinatra-cross_origin

BUNDLED WITH
   2.5.13
